PATH
  remote: .
  specs:
    queueing_rabbit (0.6.2)
      bunny (~> 1.6.3)
      json
      rake (< 11.0)

GEM
  remote: https://rubygems.org/
  specs:
    amq-protocol (1.9.2)
    bunny (1.6.3)
      amq-protocol (>= 1.9.2)
    celluloid (0.15.2)
      timers (~> 1.1.0)
    diff-lcs (1.5.0)
    evented-spec (0.9.0)
    eventmachine (1.2.7)
    json (2.7.1)
    rake (10.5.0)
    rspec (2.99.0)
      rspec-core (~> 2.99.0)
      rspec-expectations (~> 2.99.0)
      rspec-mocks (~> 2.99.0)
    rspec-core (2.99.2)
    rspec-expectations (2.99.2)
      diff-lcs (>= 1.1.3, < 2.0)
    rspec-its (1.0.1)
      rspec-core (>= 2.99.0.beta1)
      rspec-expectations (>= 2.99.0.beta1)
    rspec-mocks (2.99.4)
    timers (1.1.0)

PLATFORMS
  arm64-darwin-22
  ruby

DEPENDENCIES
  celluloid (~> 0.15.0)
  evented-spec (~> 0.9.0)
  eventmachine
  queueing_rabbit!
  rspec (~> 2.99.0)
  rspec-its (~> 1.0.1)

BUNDLED WITH
   2.1.4
